GEM
  remote: http://rubygems.org/
  specs:
    activemodel (3.1.3)
      activesupport (= 3.1.3)
      builder (~> 3.0.0)
      i18n (~> 0.6)
    activerecord (3.1.3)
      activemodel (= 3.1.3)
      activesupport (= 3.1.3)
      arel (~> 2.2.1)
      tzinfo (~> 0.3.29)
    activesupport (3.1.3)
      multi_json (~> 1.0)
    arel (2.2.1)
    builder (3.0.0)
    coderay (0.9.8)
    daemons (1.1.6)
    erubis (2.7.0)
    eventmachine (0.12.10)
    eventmachine (0.12.10-java)
    ey (0.0.8)
    i18n (0.6.0)
    method_source (0.6.7)
      ruby_parser (>= 2.3.1)
    minitest (2.10.1)
    multi_json (1.0.4)
    mustache (0.99.4)
    pg (0.11.0)
    pry (0.9.7.4)
      coderay (~> 0.9.8)
      method_source (~> 0.6.7)
      ruby_parser (>= 2.3.1)
      slop (~> 2.1.0)
    pry (0.9.7.4-java)
      coderay (~> 0.9.8)
      method_source (~> 0.6.7)
      ruby_parser (>= 2.3.1)
      slop (~> 2.1.0)
      spoon (~> 0.0.1)
    rack (1.4.0)
    rack-protection (1.2.0)
      rack
    rake (0.9.2.2)
    rdiscount (1.6.8)
    require_relative (1.0.3)
    rerun (0.6.5)
    rocco (0.7)
      mustache
      rdiscount
    ruby_parser (2.3.1)
      sexp_processor (~> 3.0)
    sexp_processor (3.0.10)
    sinatra (1.3.2)
      rack (~> 1.3, >= 1.3.6)
      rack-protection (~> 1.2)
      tilt (~> 1.3, >= 1.3.3)
    slop (2.1.0)
    spoon (0.0.1)
    sqlite3 (1.3.4)
    thin (1.3.1)
      daemons (>= 1.0.9)
      eventmachine (>= 0.12.6)
      rack (>= 1.0.0)
    tilt (1.3.3)
    tzinfo (0.3.31)

PLATFORMS
  java
  ruby

DEPENDENCIES
  activerecord
  erubis
  ey
  minitest
  pg
  pry
  rake
  require_relative
  rerun
  rocco (= 0.7)
  sinatra
  sqlite3
  thin
